GEM
  remote: https://rubygems.org/
  specs:
    rmagick (4.1.2)

PLATFORMS
  ruby

DEPENDENCIES
  rmagick

BUNDLED WITH
   1.17.3
